GEM
  remote: https://rubygems.org/
  specs:
    asciidoctor (2.0.22)

PLATFORMS
  arm64-darwin-23

DEPENDENCIES
  asciidoctor

BUNDLED WITH
   2.4.22
